PATH
  remote: plugins/ShinyAccess
  specs:
    shiny_access (21.06)
      acts-as-taggable-on
      acts_as_paranoid
      nokogiri (>= 1.18.8)
      pagy (>= 9.3.4, < 9.5.0)
      pg (>= 1.2.3, < 1.7.0)
      pundit
      rails (>= 8.0.2, < 8.2)

PATH
  remote: plugins/ShinyBlog
  specs:
    shiny_blog (21.06)
      acts-as-taggable-on
      acts_as_paranoid
      nokogiri (>= 1.18.8)
      pagy (>= 9.3.4, < 9.5.0)
      pg (>= 1.2.3, < 1.7.0)
      pundit
      rails (>= 8.0.2, < 8.2)

PATH
  remote: plugins/ShinyCMS
  specs:
    shinycms (21.06)
      activerecord-session_store
      acts-as-taggable-on
      acts_as_list
      acts_as_paranoid
      acts_as_votable
      airbrake
      akismet
      amazing_print
      aws-sdk-s3
      bcrypt (~> 3.1.16)
      bugsnag
      cloudflare-rails
      devise
      devise-pwned_password
      email_address
      image_processing (~> 1.12)
      mini_magick
      mjml-rails
      mutex_m
      nokogiri (>= 1.10.4)
      ostruct
      packwerk-extensions
      pagy (>= 9.3.4, < 9.5.0)
      persistent-dmnd
      pg (>= 1.2.3, < 1.7.0)
      pry-rails
      pundit
      rails (>= 8.0.2, < 8.2)
      rails-i18n
      recaptcha
      rss
      sassc-rails
      scout_apm
      seed_dump
      sentry-rails
      sentry-ruby
      sidekiq (>= 6.5.10, < 8.1.0)
      sidekiq-status
      view_component (>= 2.83, < 5.0)
      zxcvbn-ruby

PATH
  remote: plugins/ShinyForms
  specs:
    shiny_forms (21.06)
      acts_as_paranoid
      nokogiri (>= 1.18.8)
      pagy (>= 9.3.4, < 9.5.0)
      pg (>= 1.2.3, < 1.7.0)
      pundit
      rails (>= 8.0.2, < 8.2)

PATH
  remote: plugins/ShinyInserts
  specs:
    shiny_inserts (21.06)
      acts_as_paranoid
      nokogiri (>= 1.18.8)
      pagy (>= 9.3.4, < 9.5.0)
      pg (>= 1.2.3, < 1.7.0)
      pundit
      rails (>= 8.0.2, < 8.2)

PATH
  remote: plugins/ShinyLists
  specs:
    shiny_lists (21.06)
      acts_as_paranoid
      nokogiri (>= 1.18.8)
      pagy (>= 9.3.4, < 9.5.0)
      pg (>= 1.2.3, < 1.7.0)
      pundit
      rails (>= 8.0.2, < 8.2)

PATH
  remote: plugins/ShinyNews
  specs:
    shiny_news (21.06)
      acts-as-taggable-on
      acts_as_paranoid
      nokogiri (>= 1.18.8)
      pagy (>= 9.3.4, < 9.5.0)
      pg (>= 1.2.3, < 1.7.0)
      pundit
      rails (>= 8.0.2, < 8.2)

PATH
  remote: plugins/ShinyNewsletters
  specs:
    shiny_newsletters (21.06)
      acts_as_paranoid
      nokogiri (>= 1.18.8)
      pagy (>= 9.3.4, < 9.5.0)
      pg (>= 1.2.3, < 1.7.0)
      pundit
      rails (>= 8.0.2, < 8.2)

PATH
  remote: plugins/ShinyPages
  specs:
    shiny_pages (21.06)
      acts_as_paranoid
      nokogiri (>= 1.18.8)
      pagy (>= 9.3.4, < 9.5.0)
      pg (>= 1.2.3, < 1.7.0)
      pundit
      rails (>= 8.0.2, < 8.2)

PATH
  remote: plugins/ShinyProfiles
  specs:
    shiny_profiles (21.06)
      acts_as_paranoid
      nokogiri (>= 1.18.8)
      pagy (>= 9.3.4, < 9.5.0)
      pg (>= 1.2.3, < 1.7.0)
      pundit
      rails (>= 8.0.2, < 8.2)

PATH
  remote: plugins/ShinySEO
  specs:
    shiny_seo (21.06)
      pg (>= 1.2.3, < 1.7.0)
      rails (>= 8.0.2, < 8.2)
      sitemap_generator

PATH
  remote: plugins/ShinySearch
  specs:
    shiny_search (21.06)
      acts-as-taggable-on
      acts_as_paranoid
      algoliasearch-rails (~> 1.25)
      nokogiri (>= 1.18.8)
      pagy (>= 9.3.4, < 9.5.0)
      pg (>= 1.2.3, < 1.7.0)
      pg_search
      pundit
      rails (>= 8.0.2, < 8.2)

PATH
  remote: plugins/ShinyShop
  specs:
    shiny_shop (24.3)
      acts_as_paranoid
      pagy (>= 9.3.4, < 9.5.0)
      pg (>= 1.2.3, < 1.7.0)
      pundit
      rails (>= 8.0.2, < 8.2)
      stripe

GEM
  remote: https://rubygems.org/
  specs:
    actioncable (8.0.4)
      actionpack (= 8.0.4)
      activesupport (= 8.0.4)
      nio4r (~> 2.0)
      websocket-driver (>= 0.6.1)
      zeitwerk (~> 2.6)
    actionmailbox (8.0.4)
      actionpack (= 8.0.4)
      activejob (= 8.0.4)
      activerecord (= 8.0.4)
      activestorage (= 8.0.4)
      activesupport (= 8.0.4)
      mail (>= 2.8.0)
    actionmailer (8.0.4)
      actionpack (= 8.0.4)
      actionview (= 8.0.4)
      activejob (= 8.0.4)
      activesupport (= 8.0.4)
      mail (>= 2.8.0)
      rails-dom-testing (~> 2.2)
    actionpack (8.0.4)
      actionview (= 8.0.4)
      activesupport (= 8.0.4)
      nokogiri (>= 1.8.5)
      rack (>= 2.2.4)
      rack-session (>= 1.0.1)
      rack-test (>= 0.6.3)
      rails-dom-testing (~> 2.2)
      rails-html-sanitizer (~> 1.6)
      useragent (~> 0.16)
    actiontext (8.0.4)
      actionpack (= 8.0.4)
      activerecord (= 8.0.4)
      activestorage (= 8.0.4)
      activesupport (= 8.0.4)
      globalid (>= 0.6.0)
      nokogiri (>= 1.8.5)
    actionview (8.0.4)
      activesupport (= 8.0.4)
      builder (~> 3.1)
      erubi (~> 1.11)
      rails-dom-testing (~> 2.2)
      rails-html-sanitizer (~> 1.6)
    activejob (8.0.4)
      activesupport (= 8.0.4)
      globalid (>= 0.3.6)
    activemodel (8.0.4)
      activesupport (= 8.0.4)
    activerecord (8.0.4)
      activemodel (= 8.0.4)
      activesupport (= 8.0.4)
      timeout (>= 0.4.0)
    activerecord-session_store (2.2.0)
      actionpack (>= 7.0)
      activerecord (>= 7.0)
      cgi (>= 0.3.6)
      rack (>= 2.0.8, < 4)
      railties (>= 7.0)
    activestorage (8.0.4)
      actionpack (= 8.0.4)
      activejob (= 8.0.4)
      activerecord (= 8.0.4)
      activesupport (= 8.0.4)
      marcel (~> 1.0)
    activesupport (8.0.4)
      base64
      benchmark (>= 0.3)
      bigdecimal
      concurrent-ruby (~> 1.0, >= 1.3.1)
      connection_pool (>= 2.2.5)
      drb
      i18n (>= 1.6, < 2)
      logger (>= 1.4.2)
      minitest (>= 5.1)
      securerandom (>= 0.3)
      tzinfo (~> 2.0, >= 2.0.5)
      uri (>= 0.13.1)
    acts-as-taggable-on (12.0.0)
      activerecord (>= 7.1, < 8.1)
      zeitwerk (>= 2.4, < 3.0)
    acts_as_list (1.2.6)
      activerecord (>= 6.1)
      activesupport (>= 6.1)
    acts_as_paranoid (0.11.0)
      activerecord (>= 6.1, < 8.2)
      activesupport (>= 6.1, < 8.2)
    acts_as_votable (0.14.0)
    addressable (2.8.7)
      public_suffix (>= 2.0.2, < 7.0)
    ahoy_email (1.1.1)
      actionmailer (>= 5)
      addressable (>= 2.3.2)
      nokogiri
      safely_block (>= 0.1.1)
    ahoy_matey (5.4.1)
      activesupport (>= 7.1)
      device_detector (>= 1)
      safely_block (>= 0.4)
    airbrake (13.0.5)
      airbrake-ruby (~> 6.0)
    airbrake-ruby (6.2.2)
      rbtree3 (~> 0.6)
    akismet (3.0.0)
    algoliasearch (1.27.5)
      httpclient (~> 2.8, >= 2.8.3)
      json (>= 1.5.1)
    algoliasearch-rails (1.25.0)
      algoliasearch (>= 1.26.0, < 2.0.0)
      json (>= 1.5.1)
    amazing_print (2.0.0)
    ast (2.4.3)
    aws-eventstream (1.4.0)
    aws-partitions (1.1178.0)
    aws-sdk-core (3.235.0)
      aws-eventstream (~> 1, >= 1.3.0)
      aws-partitions (~> 1, >= 1.992.0)
      aws-sigv4 (~> 1.9)
      base64
      bigdecimal
      jmespath (~> 1, >= 1.6.1)
      logger
    aws-sdk-kms (1.115.0)
      aws-sdk-core (~> 3, >= 3.234.0)
      aws-sigv4 (~> 1.5)
    aws-sdk-s3 (1.202.0)
      aws-sdk-core (~> 3, >= 3.234.0)
      aws-sdk-kms (~> 1)
      aws-sigv4 (~> 1.5)
    aws-sigv4 (1.12.1)
      aws-eventstream (~> 1, >= 1.0.2)
    axiom-types (0.1.1)
      descendants_tracker (~> 0.0.4)
      ice_nine (~> 0.11.0)
      thread_safe (~> 0.3, >= 0.3.1)
    base64 (0.3.0)
    bcrypt (3.1.20)
    benchmark (0.5.0)
    better_html (2.1.1)
      actionview (>= 6.0)
      activesupport (>= 6.0)
      ast (~> 2.0)
      erubi (~> 1.4)
      parser (>= 2.4)
      smart_properties
    bigdecimal (3.3.1)
    blazer (3.3.0)
      activerecord (>= 7.1)
      chartkick (>= 5)
      csv
      railties (>= 7.1)
      safely_block (>= 0.4)
    brakeman (7.1.0)
      racc
    bugsnag (6.28.0)
      concurrent-ruby (~> 1.0)
    builder (3.3.0)
    bullet (8.1.0)
      activesupport (>= 3.0.0)
      uniform_notifier (~> 1.11)
    bundler-audit (0.9.2)
      bundler (>= 1.2.0, < 3)
      thor (~> 1.0)
    capybara (3.40.0)
      addressable
      matrix
      mini_mime (>= 0.1.3)
      nokogiri (~> 1.11)
      rack (>= 1.6.0)
      rack-test (>= 0.6.3)
      regexp_parser (>= 1.5, < 3.0)
      xpath (~> 3.2)
    cgi (0.5.0)
    chartkick (5.2.1)
    childprocess (5.1.0)
      logger (~> 1.5)
    chronic_duration (0.10.6)
      numerizer (~> 0.1.1)
    cloudflare-rails (7.0.0)
      actionpack (>= 7.2.0, < 8.2.0)
      activesupport (>= 7.2.0, < 8.2.0)
      railties (>= 7.2.0, < 8.2.0)
      zeitwerk (>= 2.5.0)
    codecov (0.6.0)
      simplecov (>= 0.15, < 0.22)
    coderay (1.1.3)
    coercible (1.0.0)
      descendants_tracker (~> 0.0.1)
    colorize (0.8.1)
    concurrent-ruby (1.3.5)
    connection_pool (2.5.4)
    constant_resolver (0.3.0)
    coverband (6.1.5)
      base64
      redis (>= 3.0)
    crack (1.0.1)
      bigdecimal
      rexml
    crass (1.0.6)
    csv (3.3.5)
    database_cleaner-active_record (2.2.2)
      activerecord (>= 5.a)
      database_cleaner-core (~> 2.0)
    database_cleaner-core (2.0.1)
    date (3.5.0)
    descendants_tracker (0.0.4)
      thread_safe (~> 0.3, >= 0.3.1)
    device_detector (1.1.3)
    devise (4.9.4)
      bcrypt (~> 3.0)
      orm_adapter (~> 0.1)
      railties (>= 4.1.0)
      responders
      warden (~> 1.2.3)
    devise-pwned_password (0.1.12)
      devise (~> 4)
      pwned (~> 2.4)
    diff-lcs (1.6.2)
    docile (1.4.0)
    dotenv (3.1.8)
    dotenv-rails (3.1.8)
      dotenv (= 3.1.8)
      railties (>= 6.1)
    drb (2.2.3)
    dry-configurable (1.1.0)
      dry-core (~> 1.0, < 2)
      zeitwerk (~> 2.6)
    dry-core (1.1.0)
      concurrent-ruby (~> 1.0)
      logger
      zeitwerk (~> 2.6)
    dry-inflector (1.0.0)
    dry-initializer (3.2.0)
    dry-logic (1.5.0)
      concurrent-ruby (~> 1.0)
      dry-core (~> 1.0, < 2)
      zeitwerk (~> 2.6)
    dry-schema (1.14.1)
      concurrent-ruby (~> 1.0)
      dry-configurable (~> 1.0, >= 1.0.1)
      dry-core (~> 1.1)
      dry-initializer (~> 3.2)
      dry-logic (~> 1.5)
      dry-types (~> 1.8)
      zeitwerk (~> 2.6)
    dry-types (1.8.3)
      bigdecimal (~> 3.0)
      concurrent-ruby (~> 1.0)
      dry-core (~> 1.0)
      dry-inflector (~> 1.0)
      dry-logic (~> 1.4)
      zeitwerk (~> 2.6)
    email_address (0.2.7)
      base64
      simpleidn
    equalizer (0.0.11)
    erb (5.1.3)
    erubi (1.13.1)
    factory_bot (6.5.5)
      activesupport (>= 6.1.0)
    factory_bot_rails (6.5.1)
      factory_bot (~> 6.5)
      railties (>= 6.1.0)
    faker (3.5.2)
      i18n (>= 1.8.11, < 2)
    ffi (1.17.1)
    flay (2.13.1)
      erubi (~> 1.10)
      path_expander (~> 1.0)
      ruby_parser (~> 3.0)
      sexp_processor (~> 4.0)
    flog (4.8.0)
      path_expander (~> 1.0)
      ruby_parser (~> 3.1, > 3.1.0)
      sexp_processor (~> 4.8)
    globalid (1.3.0)
      activesupport (>= 6.1)
    hashdiff (1.2.1)
    highline (3.0.1)
    httpclient (2.8.3)
    i18n (1.14.7)
      concurrent-ruby (~> 1.0)
    i18n-tasks (1.0.15)
      activesupport (>= 4.0.2)
      ast (>= 2.1.0)
      erubi
      highline (>= 2.0.0)
      i18n
      parser (>= 3.2.2.1)
      rails-i18n
      rainbow (>= 2.2.2, < 4.0)
      ruby-progressbar (~> 1.8, >= 1.8.1)
      terminal-table (>= 1.5.1)
    ice_nine (0.11.2)
    image_processing (1.14.0)
      mini_magick (>= 4.9.5, < 6)
      ruby-vips (>= 2.0.17, < 3)
    immutable-ruby (0.2.0)
      concurrent-ruby (~> 1.1)
      sorted_set (~> 1.0)
    iniparse (1.5.0)
    io-console (0.8.1)
    irb (1.15.2)
      pp (>= 0.6.0)
      rdoc (>= 4.0.0)
      reline (>= 0.4.2)
    jmespath (1.6.2)
    json (2.15.2)
    language_server-protocol (3.17.0.5)
    launchy (3.0.1)
      addressable (~> 2.8)
      childprocess (~> 5.0)
    letter_opener (1.10.0)
      launchy (>= 2.2, < 4)
    letter_opener_web (3.0.0)
      actionmailer (>= 6.1)
      letter_opener (~> 1.9)
      railties (>= 6.1)
      rexml
    lint_roller (1.1.0)
    listen (3.9.0)
      rb-fsevent (~> 0.10, >= 0.10.3)
      rb-inotify (~> 0.9, >= 0.9.10)
    logger (1.7.0)
    loofah (2.24.1)
      crass (~> 1.0.2)
      nokogiri (>= 1.12.0)
    mail (2.9.0)
      logger
      mini_mime (>= 0.1.1)
      net-imap
      net-pop
      net-smtp
    marcel (1.1.0)
    matrix (0.4.2)
    method_source (1.1.0)
    mini_magick (5.3.1)
      logger
    mini_mime (1.1.5)
    mini_portile2 (2.8.9)
    minitest (5.26.0)
    mjml-rails (4.16.0)
    mutant (0.13.5)
      diff-lcs (~> 1.3)
      irb (~> 1.15.2)
      parser (~> 3.3.0)
      regexp_parser (~> 2.10)
      sorbet-runtime (~> 0.5.0)
      unparser (~> 0.8.0)
    mutant-rspec (0.13.5)
      mutant (= 0.13.5)
      rspec-core (>= 3.8.0, < 4.0.0)
    mutex_m (0.3.0)
    net-imap (0.5.12)
      date
      net-protocol
    net-pop (0.1.2)
      net-protocol
    net-protocol (0.2.2)
      timeout
    net-smtp (0.5.1)
      net-protocol
    nio4r (2.7.4)
    nokogiri (1.18.10)
      mini_portile2 (~> 2.8.2)
      racc (~> 1.4)
    numerizer (0.1.1)
    orm_adapter (0.5.0)
    ostruct (0.6.3)
    overcommit (0.68.0)
      childprocess (>= 0.6.3, < 6)
      iniparse (~> 1.4)
      rexml (>= 3.3.9)
    packwerk (3.2.3)
      activesupport (>= 6.0)
      ast
      better_html
      bundler
      constant_resolver (>= 0.3)
      parallel
      parser
      prism (>= 0.25.0)
      sorbet-runtime (>= 0.5.9914)
      zeitwerk (>= 2.6.1)
    packwerk-extensions (0.3.0)
      packwerk (>= 2.2.1)
      railties (>= 6.0.0)
      sorbet-runtime
      zeitwerk
    pagy (9.4.0)
    parallel (1.27.0)
    parallel_tests (5.5.0)
      parallel
    parser (3.3.10.0)
      ast (~> 2.4.1)
      racc
    path_expander (1.1.1)
    persistent-dmnd (3.0.0)
      immutable-ruby (>= 0.1.0)
    pg (1.6.2)
    pg_search (2.3.7)
      activerecord (>= 6.1)
      activesupport (>= 6.1)
    pp (0.6.3)
      prettyprint
    prettyprint (0.2.0)
    prism (1.6.0)
    pry (0.15.2)
      coderay (~> 1.1)
      method_source (~> 1.0)
    pry-rails (0.3.11)
      pry (>= 0.13.0)
    psych (5.2.6)
      date
      stringio
    public_suffix (6.0.2)
    puma (7.1.0)
      nio4r (~> 2.0)
    pundit (2.5.2)
      activesupport (>= 3.0.0)
    pwned (2.4.1)
    racc (1.8.1)
    rack (3.2.3)
    rack-attack (6.8.0)
      rack (>= 1.0, < 4)
    rack-session (2.1.1)
      base64 (>= 0.1.0)
      rack (>= 3.0.0)
    rack-test (2.2.0)
      rack (>= 1.3)
    rackup (2.2.1)
      rack (>= 3)
    rails (8.0.4)
      actioncable (= 8.0.4)
      actionmailbox (= 8.0.4)
      actionmailer (= 8.0.4)
      actionpack (= 8.0.4)
      actiontext (= 8.0.4)
      actionview (= 8.0.4)
      activejob (= 8.0.4)
      activemodel (= 8.0.4)
      activerecord (= 8.0.4)
      activestorage (= 8.0.4)
      activesupport (= 8.0.4)
      bundler (>= 1.15.0)
      railties (= 8.0.4)
    rails-dom-testing (2.3.0)
      activesupport (>= 5.0.0)
      minitest
      nokogiri (>= 1.6)
    rails-html-sanitizer (1.6.2)
      loofah (~> 2.21)
      nokogiri (>= 1.15.7, != 1.16.7, != 1.16.6, != 1.16.5, != 1.16.4, != 1.16.3, != 1.16.2, != 1.16.1, != 1.16.0.rc1, != 1.16.0)
    rails-i18n (8.0.2)
      i18n (>= 0.7, < 2)
      railties (>= 8.0.0, < 9)
    rails-pg-extras (5.6.13)
      actionpack
      activerecord
      railties
      ruby-pg-extras (= 5.6.13)
    rails_email_preview (2.2.3)
      rails (>= 4.2)
      request_store
      sassc-rails (>= 2.0.0)
      turbolinks
    railties (8.0.4)
      actionpack (= 8.0.4)
      activesupport (= 8.0.4)
      irb (~> 1.13)
      rackup (>= 1.0.0)
      rake (>= 12.2)
      thor (~> 1.0, >= 1.2.2)
      tsort (>= 0.2)
      zeitwerk (~> 2.6)
    rainbow (3.1.1)
    rake (13.3.1)
    rb-fsevent (0.11.2)
    rb-inotify (0.10.1)
      ffi (~> 1.0)
    rbtree (0.4.6)
    rbtree3 (0.7.1)
    rdoc (6.15.0)
      erb
      psych (>= 4.0.0)
      tsort
    recaptcha (5.21.1)
    redis (5.4.0)
      redis-client (>= 0.22.0)
    redis-client (0.26.1)
      connection_pool
    reek (6.5.0)
      dry-schema (~> 1.13)
      logger (~> 1.6)
      parser (~> 3.3.0)
      rainbow (>= 2.0, < 4.0)
      rexml (~> 3.1)
    regexp_parser (2.11.3)
    reline (0.6.2)
      io-console (~> 0.5)
    request_store (1.5.1)
      rack (>= 1.4)
    responders (3.1.1)
      actionpack (>= 5.2)
      railties (>= 5.2)
    rexml (3.4.4)
    rspec (3.13.0)
      rspec-core (~> 3.13.0)
      rspec-expectations (~> 3.13.0)
      rspec-mocks (~> 3.13.0)
    rspec-core (3.13.6)
      rspec-support (~> 3.13.0)
    rspec-expectations (3.13.5)
      diff-lcs (>= 1.2.0, < 2.0)
      rspec-support (~> 3.13.0)
    rspec-instafail (1.0.0)
      rspec
    rspec-mocks (3.13.5)
      diff-lcs (>= 1.2.0, < 2.0)
      rspec-support (~> 3.13.0)
    rspec-rails (8.0.2)
      actionpack (>= 7.2)
      activesupport (>= 7.2)
      railties (>= 7.2)
      rspec-core (~> 3.13)
      rspec-expectations (~> 3.13)
      rspec-mocks (~> 3.13)
      rspec-support (~> 3.13)
    rspec-support (3.13.6)
    rspec_junit_formatter (0.6.0)
      rspec-core (>= 2, < 4, != 2.12.0)
    rspec_pacman_formatter (0.1.7)
      colorize
      rspec
    rss (0.3.1)
      rexml
    rubocop (1.81.7)
      json (~> 2.3)
      language_server-protocol (~> 3.17.0.2)
      lint_roller (~> 1.1.0)
      parallel (~> 1.10)
      parser (>= 3.3.0.2)
      rainbow (>= 2.2.2, < 4.0)
      regexp_parser (>= 2.9.3, < 3.0)
      rubocop-ast (>= 1.47.1, < 2.0)
      ruby-progressbar (~> 1.7)
      unicode-display_width (>= 2.4.0, < 4.0)
    rubocop-ast (1.47.1)
      parser (>= 3.3.7.2)
      prism (~> 1.4)
    rubocop-capybara (2.22.1)
      lint_roller (~> 1.1)
      rubocop (~> 1.72, >= 1.72.1)
    rubocop-factory_bot (2.27.1)
      lint_roller (~> 1.1)
      rubocop (~> 1.72, >= 1.72.1)
    rubocop-performance (1.26.1)
      lint_roller (~> 1.1)
      rubocop (>= 1.75.0, < 2.0)
      rubocop-ast (>= 1.47.1, < 2.0)
    rubocop-rails (2.33.4)
      activesupport (>= 4.2.0)
      lint_roller (~> 1.1)
      rack (>= 1.1)
      rubocop (>= 1.75.0, < 2.0)
      rubocop-ast (>= 1.44.0, < 2.0)
    rubocop-rspec (3.7.0)
      lint_roller (~> 1.1)
      rubocop (~> 1.72, >= 1.72.1)
    rubocop-rspec_rails (2.31.0)
      lint_roller (~> 1.1)
      rubocop (~> 1.72, >= 1.72.1)
      rubocop-rspec (~> 3.5)
    rubocop-thread_safety (0.7.3)
      lint_roller (~> 1.1)
      rubocop (~> 1.72, >= 1.72.1)
      rubocop-ast (>= 1.44.0, < 2.0)
    ruby-pg-extras (5.6.13)
      pg
      terminal-table
    ruby-progressbar (1.13.0)
    ruby-vips (2.2.3)
      ffi (~> 1.12)
      logger
    ruby_parser (3.20.3)
      sexp_processor (~> 4.16)
    rubycritic (4.8.0)
      flay (~> 2.8)
      flog (~> 4.4)
      launchy (>= 2.0.0)
      parser (>= 2.6.0)
      rainbow (~> 3.0)
      reek (~> 6.0, < 7.0)
      ruby_parser (~> 3.8)
      simplecov (>= 0.17.0)
      tty-which (~> 0.4.0)
      virtus (~> 1.0)
    safely_block (0.5.0)
    sassc (2.4.0)
      ffi (~> 1.9)
    sassc-rails (2.1.2)
      railties (>= 4.0.0)
      sassc (>= 2.0)
      sprockets (> 3.0)
      sprockets-rails
      tilt
    scout_apm (5.8.0)
      parser
    securerandom (0.4.1)
    seed_dump (3.3.1)
      activerecord (>= 4)
      activesupport (>= 4)
    sentry-rails (6.0.0)
      railties (>= 5.2.0)
      sentry-ruby (~> 6.0.0)
    sentry-ruby (6.0.0)
      bigdecimal
      concurrent-ruby (~> 1.0, >= 1.0.2)
    set (1.1.1)
    sexp_processor (4.17.0)
    sidekiq (8.0.8)
      connection_pool (>= 2.5.0)
      json (>= 2.9.0)
      logger (>= 1.6.2)
      rack (>= 3.1.0)
      redis-client (>= 0.23.2)
    sidekiq-status (4.0.0)
      base64
      chronic_duration
      logger
      sidekiq (>= 7, < 9)
    simplecov (0.21.2)
      docile (~> 1.1)
      simplecov-html (~> 0.11)
      simplecov_json_formatter (~> 0.1)
    simplecov-html (0.12.3)
    simplecov_json_formatter (0.1.4)
    simpleidn (0.2.3)
    sitemap_generator (6.3.0)
      builder (~> 3.0)
    smart_properties (1.17.0)
    sorbet-runtime (0.5.12443)
    sorted_set (1.0.3)
      rbtree
      set (~> 1.0)
    sprockets (4.2.1)
      concurrent-ruby (~> 1.0)
      rack (>= 2.2.4, < 4)
    sprockets-rails (3.5.2)
      actionpack (>= 6.1)
      activesupport (>= 6.1)
      sprockets (>= 3.0.0)
    stringio (3.1.7)
    stripe (17.1.0)
    stripe_event (2.13.0)
      activesupport (>= 3.1)
      stripe (>= 2.8, < 18)
    terminal-table (4.0.0)
      unicode-display_width (>= 1.1.1, < 4)
    thor (1.4.0)
    thread_safe (0.3.6)
    tilt (2.3.0)
    timeout (0.4.4)
    tsort (0.2.0)
    tty-which (0.4.2)
    turbolinks (5.2.1)
      turbolinks-source (~> 5.2)
    turbolinks-source (5.2.0)
    tzinfo (2.0.6)
      concurrent-ruby (~> 1.0)
    unicode-display_width (3.2.0)
      unicode-emoji (~> 4.1)
    unicode-emoji (4.1.0)
    uniform_notifier (1.18.0)
    unparser (0.8.0)
      diff-lcs (~> 1.6)
      parser (>= 3.3.0)
      prism (>= 1.4)
    uri (1.0.4)
    useragent (0.16.11)
    view_component (4.1.0)
      activesupport (>= 7.1.0, < 8.2)
      concurrent-ruby (~> 1)
    virtus (1.0.5)
      axiom-types (~> 0.1)
      coercible (~> 1.0)
      descendants_tracker (~> 0.0, >= 0.0.3)
      equalizer (~> 0.0, >= 0.0.9)
    warden (1.2.9)
      rack (>= 2.0.9)
    webmock (3.26.1)
      addressable (>= 2.8.0)
      crack (>= 0.3.2)
      hashdiff (>= 0.4.0, < 2.0.0)
    websocket-driver (0.8.0)
      base64
      websocket-extensions (>= 0.1.0)
    websocket-extensions (0.1.5)
    xpath (3.2.0)
      nokogiri (~> 1.8)
    zeitwerk (2.7.3)
    zxcvbn-ruby (1.2.0)

PLATFORMS
  ruby

DEPENDENCIES
  ahoy_email (>= 1.1, < 2.0)!
  ahoy_matey!
  blazer!
  brakeman!
  bullet!
  bundler-audit!
  capybara (~> 3.40)!
  chartkick (~> 5.2.1)!
  codecov!
  coverband!
  database_cleaner-active_record!
  dotenv-rails!
  factory_bot_rails!
  faker!
  i18n-tasks (~> 1.0.14)!
  letter_opener_web (~> 3.0)!
  listen (~> 3.9)!
  mutant-rspec!
  overcommit!
  packwerk (~> 3.2)!
  parallel_tests!
  pg (~> 1.6.2)!
  puma (~> 7.1)!
  rack (~> 3.2.3)!
  rack-attack!
  rack-session (~> 2.1.1)!
  rails (~> 8.0.4)!
  rails-pg-extras!
  rails_email_preview!
  rspec-instafail!
  rspec-rails!
  rspec_junit_formatter!
  rspec_pacman_formatter!
  rubocop!
  rubocop-capybara!
  rubocop-factory_bot!
  rubocop-performance!
  rubocop-rails!
  rubocop-rspec!
  rubocop-rspec_rails!
  rubocop-thread_safety!
  rubycritic (~> 4.8.0)!
  shiny_access!
  shiny_blog!
  shiny_forms!
  shiny_inserts!
  shiny_lists!
  shiny_news!
  shiny_newsletters!
  shiny_pages!
  shiny_profiles!
  shiny_search!
  shiny_seo!
  shiny_shop!
  shinycms!
  simplecov!
  stripe_event!
  webmock!

RUBY VERSION
   ruby 3.4.5p51

BUNDLED WITH
   2.6.9
