PATH
  remote: plugins/ShinyAccess
  specs:
    shiny_access (21.06)
      acts-as-taggable-on
      acts_as_paranoid
      nokogiri (>= 1.11.0.rc4)
      pagy
      pg (>= 1.2.3, < 1.6.0)
      pundit
      rails (~> 6.1.2, >= 6.1.2.1)

PATH
  remote: plugins/ShinyBlog
  specs:
    shiny_blog (21.06)
      acts-as-taggable-on
      acts_as_paranoid
      ckeditor
      nokogiri (>= 1.11.0.rc4)
      pagy
      pg (>= 1.2.3, < 1.6.0)
      pundit
      rails (~> 6.1.2, >= 6.1.2.1)

PATH
  remote: plugins/ShinyCMS
  specs:
    shinycms (21.06)
      activerecord-session_store
      acts-as-taggable-on
      acts_as_list
      acts_as_paranoid
      acts_as_votable
      airbrake
      akismet
      amazing_print
      aws-sdk-s3
      bcrypt (~> 3.1.16)
      bugsnag
      ckeditor
      cloudflare-rails
      devise
      devise-pwned_password
      email_address
      image_processing (~> 1.12)
      mini_magick
      mjml-rails
      nokogiri (>= 1.10.4)
      pagy
      persistent-dmnd
      pg (>= 1.2.3, < 1.6.0)
      pry-rails
      pundit
      rails (~> 6.1.2, >= 6.1.2.1)
      rails-i18n
      recaptcha
      rss
      sassc-rails
      scout_apm
      seed_dump
      sentry-rails
      sentry-ruby
      sidekiq (>= 6.5.10, < 7.3.0)
      sidekiq-status
      view_component (~> 2.83)
      zxcvbn-ruby

PATH
  remote: plugins/ShinyForms
  specs:
    shiny_forms (21.06)
      acts_as_paranoid
      nokogiri (>= 1.11.0.rc4)
      pagy
      pg (>= 1.2.3, < 1.6.0)
      pundit
      rails (~> 6.1.2, >= 6.1.2.1)

PATH
  remote: plugins/ShinyInserts
  specs:
    shiny_inserts (21.06)
      acts_as_paranoid
      ckeditor
      nokogiri (>= 1.11.0.rc4)
      pagy
      pg (>= 1.2.3, < 1.6.0)
      pundit
      rails (~> 6.1.2, >= 6.1.2.1)

PATH
  remote: plugins/ShinyLists
  specs:
    shiny_lists (21.06)
      acts_as_paranoid
      nokogiri (>= 1.11.0.rc4)
      pagy
      pg (>= 1.2.3, < 1.6.0)
      pundit
      rails (~> 6.1.2, >= 6.1.2.1)

PATH
  remote: plugins/ShinyNews
  specs:
    shiny_news (21.06)
      acts-as-taggable-on
      acts_as_paranoid
      ckeditor
      nokogiri (>= 1.11.0.rc4)
      pagy
      pg (>= 1.2.3, < 1.6.0)
      pundit
      rails (~> 6.1.2, >= 6.1.2.1)

PATH
  remote: plugins/ShinyNewsletters
  specs:
    shiny_newsletters (21.06)
      acts_as_paranoid
      ckeditor
      nokogiri (>= 1.11.0.rc4)
      pagy
      pg (>= 1.2.3, < 1.6.0)
      pundit
      rails (~> 6.1.2, >= 6.1.2.1)

PATH
  remote: plugins/ShinyPages
  specs:
    shiny_pages (21.06)
      acts_as_paranoid
      ckeditor
      nokogiri (>= 1.11.0.rc4)
      pagy
      pg (>= 1.2.3, < 1.6.0)
      pundit
      rails (~> 6.1.2, >= 6.1.2.1)

PATH
  remote: plugins/ShinyProfiles
  specs:
    shiny_profiles (21.06)
      acts_as_paranoid
      nokogiri (>= 1.11.0.rc4)
      pagy
      pg (>= 1.2.3, < 1.6.0)
      pundit
      rails (~> 6.1.2, >= 6.1.2.1)

PATH
  remote: plugins/ShinySEO
  specs:
    shiny_seo (21.06)
      pg (>= 0.18, < 2.0)
      rails (~> 6.1.2, >= 6.1.2.1)
      sitemap_generator

PATH
  remote: plugins/ShinySearch
  specs:
    shiny_search (21.06)
      acts-as-taggable-on
      acts_as_paranoid
      algoliasearch-rails (~> 1.25)
      ckeditor
      nokogiri (>= 1.11.0.rc4)
      pagy
      pg (>= 1.2.3, < 1.6.0)
      pg_search
      pundit
      rails (~> 6.1.2, >= 6.1.2.1)

GEM
  remote: https://oss:TavsFP4Rxs7vhBGX0Li5ksWM53EcWLyd@gem.mutant.dev/
  specs:
    mutant-license (0.1.1.2.1258176039107932962731638484160838054569.0)

GEM
  remote: https://rubygems.org/
  specs:
    actioncable (6.1.7.6)
      actionpack (= 6.1.7.6)
      activesupport (= 6.1.7.6)
      nio4r (~> 2.0)
      websocket-driver (>= 0.6.1)
    actionmailbox (6.1.7.6)
      actionpack (= 6.1.7.6)
      activejob (= 6.1.7.6)
      activerecord (= 6.1.7.6)
      activestorage (= 6.1.7.6)
      activesupport (= 6.1.7.6)
      mail (>= 2.7.1)
    actionmailer (6.1.7.6)
      actionpack (= 6.1.7.6)
      actionview (= 6.1.7.6)
      activejob (= 6.1.7.6)
      activesupport (= 6.1.7.6)
      mail (~> 2.5, >= 2.5.4)
      rails-dom-testing (~> 2.0)
    actionpack (6.1.7.6)
      actionview (= 6.1.7.6)
      activesupport (= 6.1.7.6)
      rack (~> 2.0, >= 2.0.9)
      rack-test (>= 0.6.3)
      rails-dom-testing (~> 2.0)
      rails-html-sanitizer (~> 1.0, >= 1.2.0)
    actiontext (6.1.7.6)
      actionpack (= 6.1.7.6)
      activerecord (= 6.1.7.6)
      activestorage (= 6.1.7.6)
      activesupport (= 6.1.7.6)
      nokogiri (>= 1.8.5)
    actionview (6.1.7.6)
      activesupport (= 6.1.7.6)
      builder (~> 3.1)
      erubi (~> 1.4)
      rails-dom-testing (~> 2.0)
      rails-html-sanitizer (~> 1.1, >= 1.2.0)
    activejob (6.1.7.6)
      activesupport (= 6.1.7.6)
      globalid (>= 0.3.6)
    activemodel (6.1.7.6)
      activesupport (= 6.1.7.6)
    activerecord (6.1.7.6)
      activemodel (= 6.1.7.6)
      activesupport (= 6.1.7.6)
    activerecord-session_store (2.1.0)
      actionpack (>= 6.1)
      activerecord (>= 6.1)
      cgi (>= 0.3.6)
      multi_json (~> 1.11, >= 1.11.2)
      rack (>= 2.0.8, < 4)
      railties (>= 6.1)
    activestorage (6.1.7.6)
      actionpack (= 6.1.7.6)
      activejob (= 6.1.7.6)
      activerecord (= 6.1.7.6)
      activesupport (= 6.1.7.6)
      marcel (~> 1.0)
      mini_mime (>= 1.1.0)
    activesupport (6.1.7.6)
      concurrent-ruby (~> 1.0, >= 1.0.2)
      i18n (>= 1.6, < 2)
      minitest (>= 5.1)
      tzinfo (~> 2.0)
      zeitwerk (~> 2.3)
    acts-as-taggable-on (10.0.0)
      activerecord (>= 6.1, < 7.2)
    acts_as_list (1.1.0)
      activerecord (>= 4.2)
    acts_as_paranoid (0.9.0)
      activerecord (>= 6.1, < 7.2)
      activesupport (>= 6.1, < 7.2)
    acts_as_votable (0.14.0)
    addressable (2.8.6)
      public_suffix (>= 2.0.2, < 6.0)
    ahoy_email (1.1.1)
      actionmailer (>= 5)
      addressable (>= 2.3.2)
      nokogiri
      safely_block (>= 0.1.1)
    ahoy_matey (5.0.2)
      activesupport (>= 6.1)
      device_detector (>= 1)
      safely_block (>= 0.4)
    airbrake (13.0.4)
      airbrake-ruby (~> 6.0)
    airbrake-ruby (6.2.2)
      rbtree3 (~> 0.6)
    akismet (3.0.0)
    algoliasearch (1.27.5)
      httpclient (~> 2.8, >= 2.8.3)
      json (>= 1.5.1)
    algoliasearch-rails (1.25.0)
      algoliasearch (>= 1.26.0, < 2.0.0)
      json (>= 1.5.1)
    amazing_print (1.5.0)
    ast (2.4.2)
    aws-eventstream (1.3.0)
    aws-partitions (1.873.0)
    aws-sdk-core (3.190.1)
      aws-eventstream (~> 1, >= 1.3.0)
      aws-partitions (~> 1, >= 1.651.0)
      aws-sigv4 (~> 1.8)
      jmespath (~> 1, >= 1.6.1)
    aws-sdk-kms (1.75.0)
      aws-sdk-core (~> 3, >= 3.188.0)
      aws-sigv4 (~> 1.1)
    aws-sdk-s3 (1.142.0)
      aws-sdk-core (~> 3, >= 3.189.0)
      aws-sdk-kms (~> 1)
      aws-sigv4 (~> 1.8)
    aws-sigv4 (1.8.0)
      aws-eventstream (~> 1, >= 1.0.2)
    axiom-types (0.1.1)
      descendants_tracker (~> 0.0.4)
      ice_nine (~> 0.11.0)
      thread_safe (~> 0.3, >= 0.3.1)
    bcrypt (3.1.20)
    better_html (2.0.2)
      actionview (>= 6.0)
      activesupport (>= 6.0)
      ast (~> 2.0)
      erubi (~> 1.4)
      parser (>= 2.4)
      smart_properties
    blazer (3.0.2)
      activerecord (>= 6.1)
      chartkick (>= 5)
      railties (>= 6.1)
      safely_block (>= 0.4)
    brakeman (6.1.1)
      racc
    bugsnag (6.26.0)
      concurrent-ruby (~> 1.0)
    builder (3.2.4)
    bullet (7.1.5)
      activesupport (>= 3.0.0)
      uniform_notifier (~> 1.11)
    bundler-audit (0.9.1)
      bundler (>= 1.2.0, < 3)
      thor (~> 1.0)
    capybara (3.39.2)
      addressable
      matrix
      mini_mime (>= 0.1.3)
      nokogiri (~> 1.8)
      rack (>= 1.6.0)
      rack-test (>= 0.6.3)
      regexp_parser (>= 1.5, < 3.0)
      xpath (~> 3.2)
    cgi (0.4.1)
    chartkick (5.0.5)
    childprocess (4.1.0)
    chronic_duration (0.10.6)
      numerizer (~> 0.1.1)
    ckeditor (5.1.1)
      orm_adapter (~> 0.5.0)
    cloudflare-rails (2.0.0)
      actionpack (>= 5.0, < 6.2.0)
      activesupport (>= 5.0, < 6.2.0)
      httparty
      railties (>= 5.0, < 6.2.0)
    codecov (0.6.0)
      simplecov (>= 0.15, < 0.22)
    coderay (1.1.3)
    coercible (1.0.0)
      descendants_tracker (~> 0.0.1)
    colorize (0.8.1)
    concurrent-ruby (1.2.2)
    connection_pool (2.4.1)
    constant_resolver (0.2.0)
    coverband (6.0.1)
      redis (>= 3.0)
    crack (0.4.5)
      rexml
    crass (1.0.6)
    database_cleaner-active_record (2.1.0)
      activerecord (>= 5.a)
      database_cleaner-core (~> 2.0.0)
    database_cleaner-core (2.0.1)
    date (3.3.4)
    descendants_tracker (0.0.4)
      thread_safe (~> 0.3, >= 0.3.1)
    device_detector (1.1.2)
    devise (4.9.3)
      bcrypt (~> 3.0)
      orm_adapter (~> 0.1)
      railties (>= 4.1.0)
      responders
      warden (~> 1.2.3)
    devise-pwned_password (0.1.10)
      devise (~> 4)
      pwned (~> 2.0.0)
    diff-lcs (1.5.0)
    docile (1.4.0)
    dotenv (2.8.1)
    dotenv-rails (2.8.1)
      dotenv (= 2.8.1)
      railties (>= 3.2)
    email_address (0.2.4)
      simpleidn
    equalizer (0.0.11)
    erubi (1.12.0)
    factory_bot (6.4.5)
      activesupport (>= 5.0.0)
    factory_bot_rails (6.4.3)
      factory_bot (~> 6.4)
      railties (>= 5.0.0)
    faker (3.2.2)
      i18n (>= 1.8.11, < 2)
    ffi (1.16.3)
    flay (2.13.1)
      erubi (~> 1.10)
      path_expander (~> 1.0)
      ruby_parser (~> 3.0)
      sexp_processor (~> 4.0)
    flog (4.8.0)
      path_expander (~> 1.0)
      ruby_parser (~> 3.1, > 3.1.0)
      sexp_processor (~> 4.8)
    globalid (1.2.1)
      activesupport (>= 6.1)
    hamster (3.0.0)
      concurrent-ruby (~> 1.0)
    hashdiff (1.0.1)
    highline (2.1.0)
    httparty (0.21.0)
      mini_mime (>= 1.0.0)
      multi_xml (>= 0.5.2)
    httpclient (2.8.3)
    i18n (1.14.1)
      concurrent-ruby (~> 1.0)
    i18n-tasks (1.0.13)
      activesupport (>= 4.0.2)
      ast (>= 2.1.0)
      better_html (>= 1.0, < 3.0)
      erubi
      highline (>= 2.0.0)
      i18n
      parser (>= 3.2.2.1)
      rails-i18n
      rainbow (>= 2.2.2, < 4.0)
      terminal-table (>= 1.5.1)
    ice_nine (0.11.2)
    image_processing (1.12.2)
      mini_magick (>= 4.9.5, < 5)
      ruby-vips (>= 2.0.17, < 3)
    iniparse (1.5.0)
    jmespath (1.6.2)
    json (2.7.1)
    kwalify (0.7.2)
    launchy (2.5.2)
      addressable (~> 2.8)
    letter_opener (1.8.1)
      launchy (>= 2.2, < 3)
    letter_opener_web (2.0.0)
      actionmailer (>= 5.2)
      letter_opener (~> 1.7)
      railties (>= 5.2)
      rexml
    listen (3.8.0)
      rb-fsevent (~> 0.10, >= 0.10.3)
      rb-inotify (~> 0.9, >= 0.9.10)
    loofah (2.22.0)
      crass (~> 1.0.2)
      nokogiri (>= 1.12.0)
    mail (2.8.1)
      mini_mime (>= 0.1.1)
      net-imap
      net-pop
      net-smtp
    marcel (1.0.2)
    matrix (0.4.2)
    method_source (1.0.0)
    mini_magick (4.12.0)
    mini_mime (1.1.5)
    mini_portile2 (2.8.5)
    minitest (5.20.0)
    mjml-rails (4.9.0)
    multi_json (1.15.0)
    multi_xml (0.6.0)
    mutant (0.11.26)
      diff-lcs (~> 1.3)
      parser (~> 3.2.2, >= 3.2.2.4)
      regexp_parser (~> 2.8.2)
      sorbet-runtime (~> 0.5.0)
      unparser (~> 0.6.9)
    mutant-rspec (0.11.26)
      mutant (= 0.11.26)
      rspec-core (>= 3.8.0, < 4.0.0)
    net-imap (0.4.9)
      date
      net-protocol
    net-pop (0.1.2)
      net-protocol
    net-protocol (0.2.2)
      timeout
    net-smtp (0.4.0)
      net-protocol
    nio4r (2.7.0)
    nokogiri (1.16.0)
      mini_portile2 (~> 2.8.2)
      racc (~> 1.4)
    numerizer (0.1.1)
    orm_adapter (0.5.0)
    overcommit (0.61.0)
      childprocess (>= 0.6.3, < 5)
      iniparse (~> 1.4)
      rexml (~> 3.2)
    packwerk (3.1.0)
      activesupport (>= 6.0)
      ast
      better_html
      bundler
      constant_resolver (>= 0.2.0)
      parallel
      parser
      sorbet-runtime (>= 0.5.9914)
      zeitwerk (>= 2.6.1)
    pagy (4.7.1)
    parallel (1.24.0)
    parallel_tests (4.4.0)
      parallel
    parser (3.2.2.4)
      ast (~> 2.4.1)
      racc
    path_expander (1.1.1)
    persistent-dmnd (2.0.5)
      hamster (~> 3.0)
    pg (1.5.4)
    pg_search (2.3.6)
      activerecord (>= 5.2)
      activesupport (>= 5.2)
    pry (0.14.1)
      coderay (~> 1.1)
      method_source (~> 1.0)
    pry-rails (0.3.9)
      pry (>= 0.10.4)
    public_suffix (5.0.4)
    puma (6.4.2)
      nio4r (~> 2.0)
    pundit (2.3.1)
      activesupport (>= 3.0.0)
    pwned (2.0.2)
    racc (1.7.3)
    rack (2.2.8)
    rack-test (2.1.0)
      rack (>= 1.3)
    rails (6.1.7.6)
      actioncable (= 6.1.7.6)
      actionmailbox (= 6.1.7.6)
      actionmailer (= 6.1.7.6)
      actionpack (= 6.1.7.6)
      actiontext (= 6.1.7.6)
      actionview (= 6.1.7.6)
      activejob (= 6.1.7.6)
      activemodel (= 6.1.7.6)
      activerecord (= 6.1.7.6)
      activestorage (= 6.1.7.6)
      activesupport (= 6.1.7.6)
      bundler (>= 1.15.0)
      railties (= 6.1.7.6)
      sprockets-rails (>= 2.0.0)
    rails-dom-testing (2.2.0)
      activesupport (>= 5.0.0)
      minitest
      nokogiri (>= 1.6)
    rails-html-sanitizer (1.6.0)
      loofah (~> 2.21)
      nokogiri (~> 1.14)
    rails-i18n (7.0.8)
      i18n (>= 0.7, < 2)
      railties (>= 6.0.0, < 8)
    rails-pg-extras (5.3.1)
      rails
      ruby-pg-extras (= 5.3.1)
    rails_email_preview (2.2.3)
      rails (>= 4.2)
      request_store
      sassc-rails (>= 2.0.0)
      turbolinks
    railties (6.1.7.6)
      actionpack (= 6.1.7.6)
      activesupport (= 6.1.7.6)
      method_source
      rake (>= 12.2)
      thor (~> 1.0)
    rainbow (3.1.1)
    rake (13.1.0)
    rb-fsevent (0.11.2)
    rb-inotify (0.10.1)
      ffi (~> 1.0)
    rbtree3 (0.7.1)
    recaptcha (5.16.0)
    redis (5.0.8)
      redis-client (>= 0.17.0)
    redis-client (0.19.0)
      connection_pool
    reek (6.1.4)
      kwalify (~> 0.7.0)
      parser (~> 3.2.0)
      rainbow (>= 2.0, < 4.0)
    regexp_parser (2.8.3)
    request_store (1.5.1)
      rack (>= 1.4)
    responders (3.1.1)
      actionpack (>= 5.2)
      railties (>= 5.2)
    rexml (3.2.6)
    rspec (3.12.0)
      rspec-core (~> 3.12.0)
      rspec-expectations (~> 3.12.0)
      rspec-mocks (~> 3.12.0)
    rspec-core (3.12.2)
      rspec-support (~> 3.12.0)
    rspec-expectations (3.12.3)
      diff-lcs (>= 1.2.0, < 2.0)
      rspec-support (~> 3.12.0)
    rspec-instafail (1.0.0)
      rspec
    rspec-mocks (3.12.6)
      diff-lcs (>= 1.2.0, < 2.0)
      rspec-support (~> 3.12.0)
    rspec-rails (6.1.0)
      actionpack (>= 6.1)
      activesupport (>= 6.1)
      railties (>= 6.1)
      rspec-core (~> 3.12)
      rspec-expectations (~> 3.12)
      rspec-mocks (~> 3.12)
      rspec-support (~> 3.12)
    rspec-support (3.12.1)
    rspec_junit_formatter (0.6.0)
      rspec-core (>= 2, < 4, != 2.12.0)
    rspec_pacman_formatter (0.1.7)
      colorize
      rspec
    rss (0.3.0)
      rexml
    rubocop (1.16.0)
      parallel (~> 1.10)
      parser (>= 3.0.0.0)
      rainbow (>= 2.2.2, < 4.0)
      regexp_parser (>= 1.8, < 3.0)
      rexml
      rubocop-ast (>= 1.7.0, < 2.0)
      ruby-progressbar (~> 1.7)
      unicode-display_width (>= 1.4.0, < 3.0)
    rubocop-ast (1.30.0)
      parser (>= 3.2.1.0)
    rubocop-performance (1.19.1)
      rubocop (>= 1.7.0, < 2.0)
      rubocop-ast (>= 0.4.0)
    rubocop-rails (2.10.1)
      activesupport (>= 4.2.0)
      rack (>= 1.1)
      rubocop (>= 1.7.0, < 2.0)
    rubocop-rspec (2.4.0)
      rubocop (~> 1.0)
      rubocop-ast (>= 1.1.0)
    rubocop-thread_safety (0.5.1)
      rubocop (>= 0.90.0)
    ruby-pg-extras (5.3.1)
      pg
      terminal-table
    ruby-progressbar (1.13.0)
    ruby-vips (2.2.0)
      ffi (~> 1.12)
    ruby_parser (3.20.3)
      sexp_processor (~> 4.16)
    rubycritic (4.8.0)
      flay (~> 2.8)
      flog (~> 4.4)
      launchy (>= 2.0.0)
      parser (>= 2.6.0)
      rainbow (~> 3.0)
      reek (~> 6.0, < 7.0)
      ruby_parser (~> 3.8)
      simplecov (>= 0.17.0)
      tty-which (~> 0.4.0)
      virtus (~> 1.0)
    safely_block (0.4.0)
    sassc (2.4.0)
      ffi (~> 1.9)
    sassc-rails (2.1.2)
      railties (>= 4.0.0)
      sassc (>= 2.0)
      sprockets (> 3.0)
      sprockets-rails
      tilt
    scout_apm (5.3.5)
      parser
    seed_dump (3.3.1)
      activerecord (>= 4)
      activesupport (>= 4)
    sentry-rails (5.16.1)
      railties (>= 5.0)
      sentry-ruby (~> 5.16.1)
    sentry-ruby (5.16.1)
      concurrent-ruby (~> 1.0, >= 1.0.2)
    sexp_processor (4.17.0)
    sidekiq (7.2.0)
      concurrent-ruby (< 2)
      connection_pool (>= 2.3.0)
      rack (>= 2.2.4)
      redis-client (>= 0.14.0)
    sidekiq-status (3.0.3)
      chronic_duration
      sidekiq (>= 6.0, < 8)
    simplecov (0.21.2)
      docile (~> 1.1)
      simplecov-html (~> 0.11)
      simplecov_json_formatter (~> 0.1)
    simplecov-html (0.12.3)
    simplecov_json_formatter (0.1.4)
    simpleidn (0.2.1)
      unf (~> 0.1.4)
    sitemap_generator (6.1.2)
      builder (~> 3.0)
    smart_properties (1.17.0)
    sorbet-runtime (0.5.11180)
    sprockets (4.2.1)
      concurrent-ruby (~> 1.0)
      rack (>= 2.2.4, < 4)
    sprockets-rails (3.4.2)
      actionpack (>= 5.2)
      activesupport (>= 5.2)
      sprockets (>= 3.0.0)
    terminal-table (3.0.2)
      unicode-display_width (>= 1.1.1, < 3)
    thor (1.3.0)
    thread_safe (0.3.6)
    tilt (2.3.0)
    timeout (0.4.1)
    tty-which (0.4.2)
    turbolinks (5.2.1)
      turbolinks-source (~> 5.2)
    turbolinks-source (5.2.0)
    tzinfo (2.0.6)
      concurrent-ruby (~> 1.0)
    unf (0.1.4)
      unf_ext
    unf_ext (0.0.9.1)
    unicode-display_width (2.5.0)
    uniform_notifier (1.16.0)
    unparser (0.6.10)
      diff-lcs (~> 1.3)
      parser (>= 3.2.2.4)
    view_component (2.83.0)
      activesupport (>= 5.2.0, < 8.0)
      concurrent-ruby (~> 1.0)
      method_source (~> 1.0)
    virtus (1.0.5)
      axiom-types (~> 0.1)
      coercible (~> 1.0)
      descendants_tracker (~> 0.0, >= 0.0.3)
      equalizer (~> 0.0, >= 0.0.9)
    warden (1.2.9)
      rack (>= 2.0.9)
    webmock (3.19.1)
      addressable (>= 2.8.0)
      crack (>= 0.3.2)
      hashdiff (>= 0.4.0, < 2.0.0)
    websocket-driver (0.7.6)
      websocket-extensions (>= 0.1.0)
    websocket-extensions (0.1.5)
    xpath (3.2.0)
      nokogiri (~> 1.8)
    zeitwerk (2.6.12)
    zxcvbn-ruby (1.2.0)

PLATFORMS
  ruby

DEPENDENCIES
  ahoy_email (>= 1.1, < 2.0)!
  ahoy_matey!
  blazer!
  brakeman!
  bullet!
  bundler-audit!
  capybara (~> 3.39)!
  chartkick (~> 5.0.5)!
  codecov!
  coverband!
  database_cleaner-active_record!
  dotenv-rails!
  factory_bot_rails!
  faker!
  i18n-tasks (~> 1.0.13)!
  letter_opener_web (~> 2.0)!
  listen (~> 3.8)!
  mutant-license!
  mutant-rspec!
  overcommit!
  packwerk (~> 3.1)!
  parallel_tests!
  pg (~> 1.5.4)!
  puma (~> 6.4)!
  rails (~> 6.1.3)!
  rails-pg-extras!
  rails_email_preview!
  rspec-instafail!
  rspec-rails!
  rspec_junit_formatter!
  rspec_pacman_formatter!
  rubocop!
  rubocop-performance!
  rubocop-rails!
  rubocop-rspec!
  rubocop-thread_safety!
  rubycritic (~> 4.8.0)!
  shiny_access!
  shiny_blog!
  shiny_forms!
  shiny_inserts!
  shiny_lists!
  shiny_news!
  shiny_newsletters!
  shiny_pages!
  shiny_profiles!
  shiny_search!
  shiny_seo!
  shinycms!
  simplecov!
  webmock!

RUBY VERSION
   ruby 3.0.6p216

BUNDLED WITH
   2.2.33
