PATH
  remote: plugins/ShinyAccess
  specs:
    shiny_access (21.06)
      acts-as-taggable-on
      acts_as_paranoid
      nokogiri (>= 1.11.0.rc4)
      pagy (>= 5.10, < 8.0)
      pg (>= 1.2.3, < 1.6.0)
      pundit
      rails (>= 6.1.2.1, < 9)

PATH
  remote: plugins/ShinyBlog
  specs:
    shiny_blog (21.06)
      acts-as-taggable-on
      acts_as_paranoid
      ckeditor
      nokogiri (>= 1.11.0.rc4)
      pagy (>= 5.10, < 8.0)
      pg (>= 1.2.3, < 1.6.0)
      pundit
      rails (>= 6.1.2.1, < 9)

PATH
  remote: plugins/ShinyCMS
  specs:
    shinycms (21.06)
      activerecord-session_store
      acts-as-taggable-on
      acts_as_list
      acts_as_paranoid
      acts_as_votable
      airbrake
      akismet
      amazing_print
      aws-sdk-s3
      bcrypt (~> 3.1.16)
      bugsnag
      ckeditor
      cloudflare-rails (~> 4.1)
      devise
      devise-pwned_password
      email_address
      image_processing (~> 1.12)
      mini_magick
      mjml-rails
      nokogiri (>= 1.10.4)
      packwerk-extensions
      pagy (>= 5.10, < 8.0)
      persistent-dmnd
      pg (>= 1.2.3, < 1.6.0)
      pry-rails
      pundit
      rails (>= 6.1.2.1, < 9)
      rails-i18n
      recaptcha
      rss
      sassc-rails
      scout_apm
      seed_dump
      sentry-rails
      sentry-ruby
      sidekiq (>= 6.5.10, < 7.4.0)
      sidekiq-status
      view_component (>= 2.83, < 4.0)
      zxcvbn-ruby

PATH
  remote: plugins/ShinyForms
  specs:
    shiny_forms (21.06)
      acts_as_paranoid
      nokogiri (>= 1.11.0.rc4)
      pagy (>= 5.10, < 8.0)
      pg (>= 1.2.3, < 1.6.0)
      pundit
      rails (>= 6.1.2.1, < 9)

PATH
  remote: plugins/ShinyInserts
  specs:
    shiny_inserts (21.06)
      acts_as_paranoid
      ckeditor
      nokogiri (>= 1.11.0.rc4)
      pagy (>= 5.10, < 8.0)
      pg (>= 1.2.3, < 1.6.0)
      pundit
      rails (>= 6.1.2.1, < 9)

PATH
  remote: plugins/ShinyLists
  specs:
    shiny_lists (21.06)
      acts_as_paranoid
      nokogiri (>= 1.11.0.rc4)
      pagy (>= 5.10, < 8.0)
      pg (>= 1.2.3, < 1.6.0)
      pundit
      rails (>= 6.1.2.1, < 9)

PATH
  remote: plugins/ShinyNews
  specs:
    shiny_news (21.06)
      acts-as-taggable-on
      acts_as_paranoid
      ckeditor
      nokogiri (>= 1.11.0.rc4)
      pagy (>= 5.10, < 8.0)
      pg (>= 1.2.3, < 1.6.0)
      pundit
      rails (>= 6.1.2.1, < 9)

PATH
  remote: plugins/ShinyNewsletters
  specs:
    shiny_newsletters (21.06)
      acts_as_paranoid
      ckeditor
      nokogiri (>= 1.11.0.rc4)
      pagy (>= 5.10, < 8.0)
      pg (>= 1.2.3, < 1.6.0)
      pundit
      rails (>= 6.1.2.1, < 9)

PATH
  remote: plugins/ShinyPages
  specs:
    shiny_pages (21.06)
      acts_as_paranoid
      ckeditor
      nokogiri (>= 1.11.0.rc4)
      pagy (>= 5.10, < 8.0)
      pg (>= 1.2.3, < 1.6.0)
      pundit
      rails (>= 6.1.2.1, < 9)

PATH
  remote: plugins/ShinyProfiles
  specs:
    shiny_profiles (21.06)
      acts_as_paranoid
      nokogiri (>= 1.11.0.rc4)
      pagy (>= 5.10, < 8.0)
      pg (>= 1.2.3, < 1.6.0)
      pundit
      rails (>= 6.1.2.1, < 9)

PATH
  remote: plugins/ShinySEO
  specs:
    shiny_seo (21.06)
      pg (>= 0.18, < 2.0)
      rails (>= 6.1.2.1, < 8.1.0)
      sitemap_generator

PATH
  remote: plugins/ShinySearch
  specs:
    shiny_search (21.06)
      acts-as-taggable-on
      acts_as_paranoid
      algoliasearch-rails (~> 1.25)
      ckeditor
      nokogiri (>= 1.11.0.rc4)
      pagy (>= 5.10, < 8.0)
      pg (>= 1.2.3, < 1.6.0)
      pg_search
      pundit
      rails (>= 6.1.2.1, < 9)

GEM
  remote: https://oss:TavsFP4Rxs7vhBGX0Li5ksWM53EcWLyd@gem.mutant.dev/
  specs:
    mutant-license (0.1.1.2.1258176039107932962731638484160838054569.0)

GEM
  remote: https://rubygems.org/
  specs:
    actioncable (7.1.5)
      actionpack (= 7.1.5)
      activesupport (= 7.1.5)
      nio4r (~> 2.0)
      websocket-driver (>= 0.6.1)
      zeitwerk (~> 2.6)
    actionmailbox (7.1.5)
      actionpack (= 7.1.5)
      activejob (= 7.1.5)
      activerecord (= 7.1.5)
      activestorage (= 7.1.5)
      activesupport (= 7.1.5)
      mail (>= 2.7.1)
      net-imap
      net-pop
      net-smtp
    actionmailer (7.1.5)
      actionpack (= 7.1.5)
      actionview (= 7.1.5)
      activejob (= 7.1.5)
      activesupport (= 7.1.5)
      mail (~> 2.5, >= 2.5.4)
      net-imap
      net-pop
      net-smtp
      rails-dom-testing (~> 2.2)
    actionpack (7.1.5)
      actionview (= 7.1.5)
      activesupport (= 7.1.5)
      nokogiri (>= 1.8.5)
      racc
      rack (>= 2.2.4)
      rack-session (>= 1.0.1)
      rack-test (>= 0.6.3)
      rails-dom-testing (~> 2.2)
      rails-html-sanitizer (~> 1.6)
    actiontext (7.1.5)
      actionpack (= 7.1.5)
      activerecord (= 7.1.5)
      activestorage (= 7.1.5)
      activesupport (= 7.1.5)
      globalid (>= 0.6.0)
      nokogiri (>= 1.8.5)
    actionview (7.1.5)
      activesupport (= 7.1.5)
      builder (~> 3.1)
      erubi (~> 1.11)
      rails-dom-testing (~> 2.2)
      rails-html-sanitizer (~> 1.6)
    activejob (7.1.5)
      activesupport (= 7.1.5)
      globalid (>= 0.3.6)
    activemodel (7.1.5)
      activesupport (= 7.1.5)
    activerecord (7.1.5)
      activemodel (= 7.1.5)
      activesupport (= 7.1.5)
      timeout (>= 0.4.0)
    activerecord-session_store (2.1.0)
      actionpack (>= 6.1)
      activerecord (>= 6.1)
      cgi (>= 0.3.6)
      multi_json (~> 1.11, >= 1.11.2)
      rack (>= 2.0.8, < 4)
      railties (>= 6.1)
    activestorage (7.1.5)
      actionpack (= 7.1.5)
      activejob (= 7.1.5)
      activerecord (= 7.1.5)
      activesupport (= 7.1.5)
      marcel (~> 1.0)
    activesupport (7.1.5)
      base64
      benchmark (>= 0.3)
      bigdecimal
      concurrent-ruby (~> 1.0, >= 1.0.2)
      connection_pool (>= 2.2.5)
      drb
      i18n (>= 1.6, < 2)
      logger (>= 1.4.2)
      minitest (>= 5.1)
      mutex_m
      securerandom (>= 0.3)
      tzinfo (~> 2.0)
    acts-as-taggable-on (10.0.0)
      activerecord (>= 6.1, < 7.2)
    acts_as_list (1.2.3)
      activerecord (>= 6.1)
      activesupport (>= 6.1)
    acts_as_paranoid (0.10.2)
      activerecord (>= 6.1, < 8)
      activesupport (>= 6.1, < 8)
    acts_as_votable (0.14.0)
    addressable (2.8.7)
      public_suffix (>= 2.0.2, < 7.0)
    ahoy_email (1.1.1)
      actionmailer (>= 5)
      addressable (>= 2.3.2)
      nokogiri
      safely_block (>= 0.1.1)
    ahoy_matey (5.2.1)
      activesupport (>= 6.1)
      device_detector (>= 1)
      safely_block (>= 0.4)
    airbrake (13.0.4)
      airbrake-ruby (~> 6.0)
    airbrake-ruby (6.2.2)
      rbtree3 (~> 0.6)
    akismet (3.0.0)
    algoliasearch (1.27.5)
      httpclient (~> 2.8, >= 2.8.3)
      json (>= 1.5.1)
    algoliasearch-rails (1.25.0)
      algoliasearch (>= 1.26.0, < 2.0.0)
      json (>= 1.5.1)
    amazing_print (1.6.0)
    ast (2.4.2)
    aws-eventstream (1.3.0)
    aws-partitions (1.1001.0)
    aws-sdk-core (3.212.0)
      aws-eventstream (~> 1, >= 1.3.0)
      aws-partitions (~> 1, >= 1.992.0)
      aws-sigv4 (~> 1.9)
      jmespath (~> 1, >= 1.6.1)
    aws-sdk-kms (1.95.0)
      aws-sdk-core (~> 3, >= 3.210.0)
      aws-sigv4 (~> 1.5)
    aws-sdk-s3 (1.170.0)
      aws-sdk-core (~> 3, >= 3.210.0)
      aws-sdk-kms (~> 1)
      aws-sigv4 (~> 1.5)
    aws-sigv4 (1.10.1)
      aws-eventstream (~> 1, >= 1.0.2)
    axiom-types (0.1.1)
      descendants_tracker (~> 0.0.4)
      ice_nine (~> 0.11.0)
      thread_safe (~> 0.3, >= 0.3.1)
    base64 (0.2.0)
    bcrypt (3.1.20)
    benchmark (0.4.0)
    better_html (2.1.1)
      actionview (>= 6.0)
      activesupport (>= 6.0)
      ast (~> 2.0)
      erubi (~> 1.4)
      parser (>= 2.4)
      smart_properties
    bigdecimal (3.1.8)
    blazer (3.0.4)
      activerecord (>= 6.1)
      chartkick (>= 5)
      csv
      railties (>= 6.1)
      safely_block (>= 0.4)
    brakeman (6.2.2)
      racc
    bugsnag (6.27.1)
      concurrent-ruby (~> 1.0)
    builder (3.3.0)
    bullet (7.2.0)
      activesupport (>= 3.0.0)
      uniform_notifier (~> 1.11)
    bundler-audit (0.9.2)
      bundler (>= 1.2.0, < 3)
      thor (~> 1.0)
    capybara (3.40.0)
      addressable
      matrix
      mini_mime (>= 0.1.3)
      nokogiri (~> 1.11)
      rack (>= 1.6.0)
      rack-test (>= 0.6.3)
      regexp_parser (>= 1.5, < 3.0)
      xpath (~> 3.2)
    cgi (0.4.1)
    chartkick (5.1.2)
    childprocess (5.1.0)
      logger (~> 1.5)
    chronic_duration (0.10.6)
      numerizer (~> 0.1.1)
    ckeditor (5.1.3)
      orm_adapter (~> 0.5.0)
    cloudflare-rails (4.1.0)
      actionpack (>= 6.1, < 7.2.0)
      activesupport (>= 6.1, < 7.2.0)
      railties (>= 6.1, < 7.2.0)
    codecov (0.6.0)
      simplecov (>= 0.15, < 0.22)
    coderay (1.1.3)
    coercible (1.0.0)
      descendants_tracker (~> 0.0.1)
    colorize (0.8.1)
    concurrent-ruby (1.3.4)
    connection_pool (2.4.1)
    constant_resolver (0.2.0)
    coverband (6.1.4)
      redis (>= 3.0)
    crack (1.0.0)
      bigdecimal
      rexml
    crass (1.0.6)
    csv (3.3.0)
    database_cleaner-active_record (2.2.0)
      activerecord (>= 5.a)
      database_cleaner-core (~> 2.0.0)
    database_cleaner-core (2.0.1)
    date (3.4.0)
    descendants_tracker (0.0.4)
      thread_safe (~> 0.3, >= 0.3.1)
    device_detector (1.1.3)
    devise (4.9.4)
      bcrypt (~> 3.0)
      orm_adapter (~> 0.1)
      railties (>= 4.1.0)
      responders
      warden (~> 1.2.3)
    devise-pwned_password (0.1.12)
      devise (~> 4)
      pwned (~> 2.4)
    diff-lcs (1.5.1)
    docile (1.4.0)
    dotenv (3.1.4)
    dotenv-rails (3.1.4)
      dotenv (= 3.1.4)
      railties (>= 6.1)
    drb (2.2.1)
    dry-configurable (1.1.0)
      dry-core (~> 1.0, < 2)
      zeitwerk (~> 2.6)
    dry-core (1.0.1)
      concurrent-ruby (~> 1.0)
      zeitwerk (~> 2.6)
    dry-inflector (1.0.0)
    dry-initializer (3.1.1)
    dry-logic (1.5.0)
      concurrent-ruby (~> 1.0)
      dry-core (~> 1.0, < 2)
      zeitwerk (~> 2.6)
    dry-schema (1.13.3)
      concurrent-ruby (~> 1.0)
      dry-configurable (~> 1.0, >= 1.0.1)
      dry-core (~> 1.0, < 2)
      dry-initializer (~> 3.0)
      dry-logic (>= 1.4, < 2)
      dry-types (>= 1.7, < 2)
      zeitwerk (~> 2.6)
    dry-types (1.7.2)
      bigdecimal (~> 3.0)
      concurrent-ruby (~> 1.0)
      dry-core (~> 1.0)
      dry-inflector (~> 1.0)
      dry-logic (~> 1.4)
      zeitwerk (~> 2.6)
    email_address (0.2.4)
      simpleidn
    equalizer (0.0.11)
    erubi (1.13.0)
    factory_bot (6.5.0)
      activesupport (>= 5.0.0)
    factory_bot_rails (6.4.4)
      factory_bot (~> 6.5)
      railties (>= 5.0.0)
    faker (3.5.1)
      i18n (>= 1.8.11, < 2)
    ffi (1.17.0)
    flay (2.13.1)
      erubi (~> 1.10)
      path_expander (~> 1.0)
      ruby_parser (~> 3.0)
      sexp_processor (~> 4.0)
    flog (4.8.0)
      path_expander (~> 1.0)
      ruby_parser (~> 3.1, > 3.1.0)
      sexp_processor (~> 4.8)
    globalid (1.2.1)
      activesupport (>= 6.1)
    hashdiff (1.1.1)
    highline (3.0.1)
    httpclient (2.8.3)
    i18n (1.14.6)
      concurrent-ruby (~> 1.0)
    i18n-tasks (1.0.14)
      activesupport (>= 4.0.2)
      ast (>= 2.1.0)
      erubi
      highline (>= 2.0.0)
      i18n
      parser (>= 3.2.2.1)
      rails-i18n
      rainbow (>= 2.2.2, < 4.0)
      terminal-table (>= 1.5.1)
    ice_nine (0.11.2)
    image_processing (1.13.0)
      mini_magick (>= 4.9.5, < 5)
      ruby-vips (>= 2.0.17, < 3)
    immutable-ruby (0.1.0)
      concurrent-ruby (~> 1.1)
      sorted_set (~> 1.0)
    iniparse (1.5.0)
    io-console (0.7.2)
    irb (1.14.1)
      rdoc (>= 4.0.0)
      reline (>= 0.4.2)
    jmespath (1.6.2)
    json (2.7.5)
    language_server-protocol (3.17.0.3)
    launchy (3.0.1)
      addressable (~> 2.8)
      childprocess (~> 5.0)
    letter_opener (1.10.0)
      launchy (>= 2.2, < 4)
    letter_opener_web (3.0.0)
      actionmailer (>= 6.1)
      letter_opener (~> 1.9)
      railties (>= 6.1)
      rexml
    listen (3.9.0)
      rb-fsevent (~> 0.10, >= 0.10.3)
      rb-inotify (~> 0.9, >= 0.9.10)
    logger (1.6.1)
    loofah (2.23.1)
      crass (~> 1.0.2)
      nokogiri (>= 1.12.0)
    mail (2.8.1)
      mini_mime (>= 0.1.1)
      net-imap
      net-pop
      net-smtp
    marcel (1.0.4)
    matrix (0.4.2)
    method_source (1.1.0)
    mini_magick (4.13.2)
    mini_mime (1.1.5)
    mini_portile2 (2.8.7)
    minitest (5.25.1)
    mjml-rails (4.12.1)
    multi_json (1.15.0)
    mutant (0.12.4)
      diff-lcs (~> 1.3)
      parser (~> 3.3.0)
      regexp_parser (~> 2.9.0)
      sorbet-runtime (~> 0.5.0)
      unparser (~> 0.6.14)
    mutant-rspec (0.12.4)
      mutant (= 0.12.4)
      rspec-core (>= 3.8.0, < 4.0.0)
    mutex_m (0.2.0)
    net-imap (0.5.0)
      date
      net-protocol
    net-pop (0.1.2)
      net-protocol
    net-protocol (0.2.2)
      timeout
    net-smtp (0.5.0)
      net-protocol
    nio4r (2.7.4)
    nokogiri (1.16.7)
      mini_portile2 (~> 2.8.2)
      racc (~> 1.4)
    numerizer (0.1.1)
    orm_adapter (0.5.0)
    overcommit (0.64.1)
      childprocess (>= 0.6.3, < 6)
      iniparse (~> 1.4)
      rexml (>= 3.3.9)
    packwerk (3.2.1)
      activesupport (>= 6.0)
      ast
      better_html
      bundler
      constant_resolver (>= 0.2.0)
      parallel
      parser
      prism (>= 0.25.0)
      sorbet-runtime (>= 0.5.9914)
      zeitwerk (>= 2.6.1)
    packwerk-extensions (0.3.0)
      packwerk (>= 2.2.1)
      railties (>= 6.0.0)
      sorbet-runtime
      zeitwerk
    pagy (6.5.0)
    parallel (1.26.3)
    parallel_tests (4.7.2)
      parallel
    parser (3.3.5.1)
      ast (~> 2.4.1)
      racc
    path_expander (1.1.1)
    persistent-dmnd (3.0.0)
      immutable-ruby (>= 0.1.0)
    pg (1.5.9)
    pg_search (2.3.7)
      activerecord (>= 6.1)
      activesupport (>= 6.1)
    prism (0.30.0)
    pry (0.14.2)
      coderay (~> 1.1)
      method_source (~> 1.0)
    pry-rails (0.3.11)
      pry (>= 0.13.0)
    psych (5.2.0)
      stringio
    public_suffix (6.0.1)
    puma (6.4.3)
      nio4r (~> 2.0)
    pundit (2.4.0)
      activesupport (>= 3.0.0)
    pwned (2.4.1)
    racc (1.8.1)
    rack (3.1.8)
    rack-session (2.0.0)
      rack (>= 3.0.0)
    rack-test (2.1.0)
      rack (>= 1.3)
    rackup (2.2.0)
      rack (>= 3)
    rails (7.1.5)
      actioncable (= 7.1.5)
      actionmailbox (= 7.1.5)
      actionmailer (= 7.1.5)
      actionpack (= 7.1.5)
      actiontext (= 7.1.5)
      actionview (= 7.1.5)
      activejob (= 7.1.5)
      activemodel (= 7.1.5)
      activerecord (= 7.1.5)
      activestorage (= 7.1.5)
      activesupport (= 7.1.5)
      bundler (>= 1.15.0)
      railties (= 7.1.5)
    rails-dom-testing (2.2.0)
      activesupport (>= 5.0.0)
      minitest
      nokogiri (>= 1.6)
    rails-html-sanitizer (1.6.0)
      loofah (~> 2.21)
      nokogiri (~> 1.14)
    rails-i18n (7.0.10)
      i18n (>= 0.7, < 2)
      railties (>= 6.0.0, < 8)
    rails-pg-extras (5.4.1)
      rails
      ruby-pg-extras (= 5.4.1)
    rails_email_preview (2.2.3)
      rails (>= 4.2)
      request_store
      sassc-rails (>= 2.0.0)
      turbolinks
    railties (7.1.5)
      actionpack (= 7.1.5)
      activesupport (= 7.1.5)
      irb
      rackup (>= 1.0.0)
      rake (>= 12.2)
      thor (~> 1.0, >= 1.2.2)
      zeitwerk (~> 2.6)
    rainbow (3.1.1)
    rake (13.2.1)
    rb-fsevent (0.11.2)
    rb-inotify (0.10.1)
      ffi (~> 1.0)
    rbtree (0.4.6)
    rbtree3 (0.7.1)
    rdoc (6.7.0)
      psych (>= 4.0.0)
    recaptcha (5.17.0)
    redis (5.3.0)
      redis-client (>= 0.22.0)
    redis-client (0.22.2)
      connection_pool
    reek (6.3.0)
      dry-schema (~> 1.13.0)
      parser (~> 3.3.0)
      rainbow (>= 2.0, < 4.0)
      rexml (~> 3.1)
    regexp_parser (2.9.2)
    reline (0.5.11)
      io-console (~> 0.5)
    request_store (1.5.1)
      rack (>= 1.4)
    responders (3.1.1)
      actionpack (>= 5.2)
      railties (>= 5.2)
    rexml (3.3.9)
    rspec (3.13.0)
      rspec-core (~> 3.13.0)
      rspec-expectations (~> 3.13.0)
      rspec-mocks (~> 3.13.0)
    rspec-core (3.13.1)
      rspec-support (~> 3.13.0)
    rspec-expectations (3.13.2)
      diff-lcs (>= 1.2.0, < 2.0)
      rspec-support (~> 3.13.0)
    rspec-instafail (1.0.0)
      rspec
    rspec-mocks (3.13.1)
      diff-lcs (>= 1.2.0, < 2.0)
      rspec-support (~> 3.13.0)
    rspec-rails (6.1.5)
      actionpack (>= 6.1)
      activesupport (>= 6.1)
      railties (>= 6.1)
      rspec-core (~> 3.13)
      rspec-expectations (~> 3.13)
      rspec-mocks (~> 3.13)
      rspec-support (~> 3.13)
    rspec-support (3.13.1)
    rspec_junit_formatter (0.6.0)
      rspec-core (>= 2, < 4, != 2.12.0)
    rspec_pacman_formatter (0.1.7)
      colorize
      rspec
    rss (0.3.1)
      rexml
    rubocop (1.68.0)
      json (~> 2.3)
      language_server-protocol (>= 3.17.0)
      parallel (~> 1.10)
      parser (>= 3.3.0.2)
      rainbow (>= 2.2.2, < 4.0)
      regexp_parser (>= 2.4, < 3.0)
      rubocop-ast (>= 1.32.2, < 2.0)
      ruby-progressbar (~> 1.7)
      unicode-display_width (>= 2.4.0, < 3.0)
    rubocop-ast (1.33.0)
      parser (>= 3.3.1.0)
    rubocop-capybara (2.21.0)
      rubocop (~> 1.41)
    rubocop-factory_bot (2.26.1)
      rubocop (~> 1.61)
    rubocop-performance (1.22.1)
      rubocop (>= 1.48.1, < 2.0)
      rubocop-ast (>= 1.31.1, < 2.0)
    rubocop-rails (2.27.0)
      activesupport (>= 4.2.0)
      rack (>= 1.1)
      rubocop (>= 1.52.0, < 2.0)
      rubocop-ast (>= 1.31.1, < 2.0)
    rubocop-rspec (3.2.0)
      rubocop (~> 1.61)
    rubocop-rspec_rails (2.30.0)
      rubocop (~> 1.61)
      rubocop-rspec (~> 3, >= 3.0.1)
    rubocop-thread_safety (0.5.1)
      rubocop (>= 0.90.0)
    ruby-pg-extras (5.4.1)
      pg
      terminal-table
    ruby-progressbar (1.13.0)
    ruby-vips (2.2.2)
      ffi (~> 1.12)
      logger
    ruby_parser (3.20.3)
      sexp_processor (~> 4.16)
    rubycritic (4.8.0)
      flay (~> 2.8)
      flog (~> 4.4)
      launchy (>= 2.0.0)
      parser (>= 2.6.0)
      rainbow (~> 3.0)
      reek (~> 6.0, < 7.0)
      ruby_parser (~> 3.8)
      simplecov (>= 0.17.0)
      tty-which (~> 0.4.0)
      virtus (~> 1.0)
    safely_block (0.4.1)
    sassc (2.4.0)
      ffi (~> 1.9)
    sassc-rails (2.1.2)
      railties (>= 4.0.0)
      sassc (>= 2.0)
      sprockets (> 3.0)
      sprockets-rails
      tilt
    scout_apm (5.4.0)
      parser
    securerandom (0.3.1)
    seed_dump (3.3.1)
      activerecord (>= 4)
      activesupport (>= 4)
    sentry-rails (5.21.0)
      railties (>= 5.0)
      sentry-ruby (~> 5.21.0)
    sentry-ruby (5.21.0)
      bigdecimal
      concurrent-ruby (~> 1.0, >= 1.0.2)
    set (1.1.0)
    sexp_processor (4.17.0)
    sidekiq (7.3.5)
      connection_pool (>= 2.3.0)
      logger
      rack (>= 2.2.4)
      redis-client (>= 0.22.2)
    sidekiq-status (3.0.3)
      chronic_duration
      sidekiq (>= 6.0, < 8)
    simplecov (0.21.2)
      docile (~> 1.1)
      simplecov-html (~> 0.11)
      simplecov_json_formatter (~> 0.1)
    simplecov-html (0.12.3)
    simplecov_json_formatter (0.1.4)
    simpleidn (0.2.1)
      unf (~> 0.1.4)
    sitemap_generator (6.3.0)
      builder (~> 3.0)
    smart_properties (1.17.0)
    sorbet-runtime (0.5.11604)
    sorted_set (1.0.3)
      rbtree
      set (~> 1.0)
    sprockets (4.2.1)
      concurrent-ruby (~> 1.0)
      rack (>= 2.2.4, < 4)
    sprockets-rails (3.5.2)
      actionpack (>= 6.1)
      activesupport (>= 6.1)
      sprockets (>= 3.0.0)
    stringio (3.1.2)
    terminal-table (3.0.2)
      unicode-display_width (>= 1.1.1, < 3)
    thor (1.3.2)
    thread_safe (0.3.6)
    tilt (2.3.0)
    timeout (0.4.2)
    tty-which (0.4.2)
    turbolinks (5.2.1)
      turbolinks-source (~> 5.2)
    turbolinks-source (5.2.0)
    tzinfo (2.0.6)
      concurrent-ruby (~> 1.0)
    unf (0.1.4)
      unf_ext
    unf_ext (0.0.9.1)
    unicode-display_width (2.6.0)
    uniform_notifier (1.16.0)
    unparser (0.6.15)
      diff-lcs (~> 1.3)
      parser (>= 3.3.0)
    view_component (3.20.0)
      activesupport (>= 5.2.0, < 8.1)
      concurrent-ruby (~> 1.0)
      method_source (~> 1.0)
    virtus (1.0.5)
      axiom-types (~> 0.1)
      coercible (~> 1.0)
      descendants_tracker (~> 0.0, >= 0.0.3)
      equalizer (~> 0.0, >= 0.0.9)
    warden (1.2.9)
      rack (>= 2.0.9)
    webmock (3.24.0)
      addressable (>= 2.8.0)
      crack (>= 0.3.2)
      hashdiff (>= 0.4.0, < 2.0.0)
    websocket-driver (0.7.6)
      websocket-extensions (>= 0.1.0)
    websocket-extensions (0.1.5)
    xpath (3.2.0)
      nokogiri (~> 1.8)
    zeitwerk (2.6.18)
    zxcvbn-ruby (1.2.0)

PLATFORMS
  ruby

DEPENDENCIES
  ahoy_email (>= 1.1, < 2.0)!
  ahoy_matey!
  blazer!
  brakeman!
  bullet!
  bundler-audit!
  capybara (~> 3.40)!
  chartkick (~> 5.1.2)!
  codecov!
  coverband!
  database_cleaner-active_record!
  dotenv-rails!
  factory_bot_rails!
  faker!
  i18n-tasks (~> 1.0.14)!
  letter_opener_web (~> 3.0)!
  listen (~> 3.9)!
  mutant-license!
  mutant-rspec!
  overcommit!
  packwerk (~> 3.2)!
  parallel_tests!
  pg (~> 1.5.9)!
  puma (~> 6.4)!
  rails (~> 7.1.5)!
  rails-pg-extras!
  rails_email_preview!
  rspec-instafail!
  rspec-rails!
  rspec_junit_formatter!
  rspec_pacman_formatter!
  rubocop!
  rubocop-capybara!
  rubocop-factory_bot!
  rubocop-performance!
  rubocop-rails!
  rubocop-rspec!
  rubocop-rspec_rails!
  rubocop-thread_safety!
  rubycritic (~> 4.8.0)!
  shiny_access!
  shiny_blog!
  shiny_forms!
  shiny_inserts!
  shiny_lists!
  shiny_news!
  shiny_newsletters!
  shiny_pages!
  shiny_profiles!
  shiny_search!
  shiny_seo!
  shinycms!
  simplecov!
  webmock!

RUBY VERSION
   ruby 3.1.6p260

BUNDLED WITH
   2.2.33
